GEM
  remote: https://rubygems.org/
  specs:
    daemons (1.4.1)
    eventmachine (1.2.7)
    json (2.9.1)
    logger (1.6.5)
    minitest (5.25.4)
    minitest-power_assert (0.3.1)
      minitest
      power_assert (>= 1.1)
    power_assert (2.0.5)
    rack (2.2.10)
    rack-heartbeat (1.1.0)
      rack
    rack-minitest (0.0.10)
      json
      minitest (~> 5.0)
      rack-test
    rack-test (2.2.0)
      rack (>= 1.3)
    rack-unreloader (2.1.0)
    thin (1.8.2)
      daemons (~> 1.0, >= 1.0.9)
      eventmachine (~> 1.0, >= 1.0.4)
      rack (>= 1, < 3)

PLATFORMS
  arm64-darwin-21

DEPENDENCIES
  logger
  minitest-power_assert
  rack
  rack-heartbeat
  rack-minitest
  rack-unreloader
  thin

BUNDLED WITH
   2.4.22
